GEM
  remote: http://rubygems.org/
  specs:
    ZenTest (4.6.2)
    actionmailer (3.2.1)
      actionpack (= 3.2.1)
      mail (~> 2.4.0)
    actionpack (3.2.1)
      activemodel (= 3.2.1)
      activesupport (= 3.2.1)
      builder (~> 3.0.0)
      erubis (~> 2.7.0)
      journey (~> 1.0.1)
      rack (~> 1.4.0)
      rack-cache (~> 1.1)
      rack-test (~> 0.6.1)
      sprockets (~> 2.1.2)
    activemodel (3.2.1)
      activesupport (= 3.2.1)
      builder (~> 3.0.0)
    activerecord (3.2.1)
      activemodel (= 3.2.1)
      activesupport (= 3.2.1)
      arel (~> 3.0.0)
      tzinfo (~> 0.3.29)
    activeresource (3.2.1)
      activemodel (= 3.2.1)
      activesupport (= 3.2.1)
    activesupport (3.2.1)
      i18n (~> 0.6)
      multi_json (~> 1.0)
    acts-as-taggable-on (2.2.2)
      rails (~> 3.0)
    acts_as_commentable (3.0.1)
    addressable (2.2.6)
    annotate (2.4.0)
    arel (3.0.0)
    autotest (4.4.6)
      ZenTest (>= 4.4.1)
    autotest-rails-pure (4.1.2)
    bcrypt-ruby (3.0.1)
    best_in_place (1.0.6)
      jquery-rails
      rails (~> 3.1)
    builder (3.0.0)
    cancan (1.6.7)
    capybara (1.1.2)
      mime-types (>= 1.16)
      nokogiri (>= 1.3.3)
      rack (>= 1.0.0)
      rack-test (>= 0.5.4)
      selenium-webdriver (~> 2.0)
      xpath (~> 0.1.4)
    capybara-webkit (0.10.1)
      capybara (>= 1.0.0, < 1.2)
      json
    carrierwave (0.5.8)
      activesupport (~> 3.0)
    carrierwave-meta (0.0.3)
      activesupport (>= 3.0)
      carrierwave (>= 0.5.7)
      mime-types
    childprocess (0.3.1)
      ffi (~> 1.0.6)
    chunky_png (1.2.5)
    ckeditor (3.7.0.rc2)
      mime-types (~> 1.17.2)
      orm_adapter (~> 0.0.6)
    coderay (1.0.5)
    coffee-rails (3.2.2)
      coffee-script (>= 2.2.0)
      railties (~> 3.2.0)
    coffee-script (2.2.0)
      coffee-script-source
      execjs
    coffee-script-source (1.2.0)
    commonjs (0.2.0)
      therubyracer (~> 0.9.9)
    compass (0.12.rc.1)
      chunky_png (~> 1.2)
      fssm (>= 0.2.7)
      sass (~> 3.1)
    compass-rails (1.0.0.rc.3)
      compass (~> 0.12.rc.0)
    cookiejar (0.3.0)
    css_parser (1.2.6)
      addressable
      rdoc
    daemons (1.1.8)
    database_cleaner (0.7.1)
    devise (2.0.1)
      bcrypt-ruby (~> 3.0)
      orm_adapter (~> 0.0.3)
      railties (~> 3.1)
      warden (~> 1.1)
    diff-lcs (1.1.3)
    em-hiredis (0.1.0)
      hiredis (~> 0.3.0)
    em-http-request (0.3.0)
      addressable (>= 2.0.0)
      escape_utils
      eventmachine (>= 0.12.9)
    erubis (2.7.0)
    escape_utils (0.2.4)
    eventmachine (0.12.10)
    execjs (1.3.0)
      multi_json (~> 1.0)
    factory_girl (1.3.3)
    factory_girl_rails (1.0)
      factory_girl (~> 1.3)
      rails (>= 3.0.0.beta4)
    faker (1.0.1)
      i18n (~> 0.4)
    faye (0.7.1)
      cookiejar (>= 0.3.0)
      em-hiredis (>= 0.0.1)
      em-http-request (~> 0.3)
      eventmachine (~> 0.12.0)
      json (>= 1.0)
      rack (>= 1.0)
      thin (~> 1.2)
    ffi (1.0.11)
    fssm (0.2.8.1)
    gravatar_image_tag (1.0.0)
    hike (1.2.1)
    hiredis (0.3.2)
    i18n (0.6.0)
    jcrop-rails (1.0.2)
      railties (~> 3.0)
      thor (~> 0.14)
    journey (1.0.1)
    jquery-rails (2.0.0)
      railties (>= 3.2.0.beta, < 5.0)
      thor (~> 0.14)
    json (1.6.5)
    launchy (2.0.5)
      addressable (~> 2.2.6)
    less (2.0.9)
      commonjs (~> 0.2.0)
      therubyracer (~> 0.9.9)
    less-rails (2.1.6)
      actionpack (>= 3.1)
      less (~> 2.0.7)
    libv8 (3.3.10.4)
    mail (2.4.1)
      i18n (>= 0.4.0)
      mime-types (~> 1.16)
      treetop (~> 1.4.8)
    mime-types (1.17.2)
    mini_magick (3.4)
      subexec (~> 0.2.1)
    multi_json (1.0.4)
    mysql2 (0.3.11)
    nokogiri (1.5.0)
    orm_adapter (0.0.6)
    polyglot (0.3.3)
    rack (1.4.1)
    rack-cache (1.1)
      rack (>= 0.4)
    rack-ssl (1.3.2)
      rack
    rack-test (0.6.1)
      rack (>= 1.0)
    rails (3.2.1)
      actionmailer (= 3.2.1)
      actionpack (= 3.2.1)
      activerecord (= 3.2.1)
      activeresource (= 3.2.1)
      activesupport (= 3.2.1)
      bundler (~> 1.0)
      railties (= 3.2.1)
    railties (3.2.1)
      actionpack (= 3.2.1)
      activesupport (= 3.2.1)
      rack-ssl (~> 1.3.2)
      rake (>= 0.8.7)
      rdoc (~> 3.4)
      thor (~> 0.14.6)
    rake (0.9.2.2)
    rdoc (3.12)
      json (~> 1.4)
    rmagick (2.13.1)
    roadie (1.1.3)
      actionmailer (~> 3.0)
      css_parser
      nokogiri (>= 1.4.4)
    rspec (2.8.0)
      rspec-core (~> 2.8.0)
      rspec-expectations (~> 2.8.0)
      rspec-mocks (~> 2.8.0)
    rspec-core (2.8.0)
    rspec-expectations (2.8.0)
      diff-lcs (~> 1.1.2)
    rspec-mocks (2.8.0)
    rspec-rails (2.8.1)
      actionpack (>= 3.0)
      activesupport (>= 3.0)
      railties (>= 3.0)
      rspec (~> 2.8.0)
    rubyzip (0.9.6.1)
    sass (3.1.15)
    sass-rails (3.2.4)
      railties (~> 3.2.0)
      sass (>= 3.1.10)
      tilt (~> 1.3)
    selenium-webdriver (2.20.0)
      childprocess (>= 0.2.5)
      ffi (~> 1.0)
      multi_json (~> 1.0)
      rubyzip
    simple_form (2.0.1)
      actionpack (~> 3.0)
      activemodel (~> 3.0)
    simplecov (0.6.1)
      multi_json (~> 1.0)
      simplecov-html (~> 0.5.3)
    simplecov-html (0.5.3)
    simplecov-rcov (0.2.3)
      simplecov (>= 0.4.1)
    spork (0.9.0)
    sprockets (2.1.2)
      hike (~> 1.2)
      rack (~> 1.0)
      tilt (~> 1.1, != 1.3.0)
    subexec (0.2.1)
    therubyracer (0.9.9)
      libv8 (~> 3.3.10)
    thin (1.3.1)
      daemons (>= 1.0.9)
      eventmachine (>= 0.12.6)
      rack (>= 1.0.0)
    thor (0.14.6)
    tilt (1.3.3)
    treetop (1.4.10)
      polyglot
      polyglot (>= 0.3.1)
    twitter-bootstrap-rails (2.0.2)
      actionpack (>= 3.1)
      less-rails (~> 2.1.5)
      railties (>= 3.1)
    tzinfo (0.3.31)
    uglifier (1.2.3)
      execjs (>= 0.3.0)
      multi_json (>= 1.0.2)
    warden (1.1.0)
      rack (>= 1.0)
    will_paginate (3.0.3)
    xpath (0.1.4)
      nokogiri (~> 1.3)

PLATFORMS
  ruby

DEPENDENCIES
  acts-as-taggable-on
  acts_as_commentable
  annotate
  autotest
  autotest-rails-pure
  best_in_place
  cancan
  capybara
  capybara-webkit
  carrierwave
  carrierwave-meta
  ckeditor (= 3.7.0.rc2)
  coderay
  coffee-rails
  compass-rails
  database_cleaner
  devise
  execjs
  factory_girl_rails (= 1.0)
  faker
  faye
  gravatar_image_tag (= 1.0.0)
  jcrop-rails
  jquery-rails
  json
  launchy
  mini_magick
  mysql2
  rails (= 3.2.1)
  rmagick
  roadie
  rspec
  rspec-rails
  sass-rails
  simple_form
  simplecov-rcov
  spork
  therubyracer
  twitter-bootstrap-rails
  uglifier
  will_paginate
